GEM
  remote: https://rubygems.org/
  specs:
    builder (3.2.2)
    childprocess (0.5.1)
      ffi (~> 1.0, >= 1.0.11)
    cucumber (1.3.11)
      builder (>= 2.1.2)
      diff-lcs (>= 1.1.3)
      gherkin (~> 2.12)
      multi_json (>= 1.7.5, < 2.0)
      multi_test (>= 0.0.2)
    data_magic (0.18)
      faker (>= 1.1.2)
      yml_reader (>= 0.2)
    diff-lcs (1.2.5)
    faker (1.2.0)
      i18n (~> 0.5)
    ffi (1.15.4)
    gherkin (2.12.2)
      multi_json (~> 1.3)
    i18n (0.6.9)
    multi_json (1.9.0)
    multi_test (0.0.3)
    page-object (0.9.7)
      page_navigation (>= 0.9)
      selenium-webdriver (>= 2.40.0)
      watir-webdriver (>= 0.6.8)
    page_navigation (0.9)
      data_magic (>= 0.14)
    rubyzip (1.1.0)
    selenium-webdriver (2.40.0)
      childprocess (>= 0.5.0)
      multi_json (~> 1.0)
      rubyzip (~> 1.0)
      websocket (~> 1.0.4)
    watir-webdriver (0.6.10)
      selenium-webdriver (>= 2.18.0)
    websocket (1.0.7)
    yard (0.8.7.4)
    yml_reader (0.2)

PLATFORMS
  ruby

DEPENDENCIES
  cucumber
  faker
  page-object
  selenium-webdriver
  watir-webdriver
  yard
